GEM
  remote: http://rubygems.org/
  specs:
    activemodel (4.2.11.3)
      activesupport (= 4.2.11.3)
      builder (~> 3.1)
    activerecord (4.2.11.3)
      activemodel (= 4.2.11.3)
      activesupport (= 4.2.11.3)
      arel (~> 6.0)
    activesupport (4.2.11.3)
      i18n (~> 0.7)
      minitest (~> 5.1)
      thread_safe (~> 0.3, >= 0.3.4)
      tzinfo (~> 1.1)
    addressable (2.7.0)
      public_suffix (>= 2.0.2, < 5.0)
    arel (6.0.4)
    bcrypt (3.1.16)
    bigdecimal (1.3.5)
    bond (0.5.1)
    builder (3.2.4)
    capybara (3.35.3)
      addressable
      mini_mime (>= 0.1.3)
      nokogiri (~> 1.8)
      rack (>= 1.6.0)
      rack-test (>= 0.6.3)
      regexp_parser (>= 1.5, < 3.0)
      xpath (~> 3.2)
<<<<<<< HEAD
    coderay (1.1.2)
    concurrent-ruby (1.1.6)
    daemons (1.3.1)
    database_cleaner (1.99.0)
    diff-lcs (1.3)
    docile (1.4.0)
=======
    coderay (1.1.3)
    concurrent-ruby (1.1.9)
    daemons (1.4.0)
    database_cleaner (1.99.0)
    diff-lcs (1.4.4)
>>>>>>> 153a17dc73e65d20c5f8330020de9d96d41dc4c6
    eventmachine (1.2.7)
    factory_bot (5.2.0)
      activesupport (>= 4.2.0)
    i18n (0.9.5)
      concurrent-ruby (~> 1.0)
    method_source (1.0.0)
    mini_mime (1.1.0)
    minitest (5.14.4)
    mustermann (1.1.1)
      ruby2_keywords (~> 0.0.1)
<<<<<<< HEAD
    nokogiri (1.10.9)
      mini_portile2 (~> 2.4.0)
    pg (0.21.0)
    pry (0.13.1)
=======
    nokogiri (1.11.7-x86_64-darwin)
      racc (~> 1.4)
    nokogiri (1.11.7-x86_64-linux)
      racc (~> 1.4)
    pg (0.21.0)
    pry (0.14.1)
>>>>>>> 153a17dc73e65d20c5f8330020de9d96d41dc4c6
      coderay (~> 1.1)
      method_source (~> 1.0)
    public_suffix (4.0.6)
    racc (1.5.2)
    rack (2.2.3)
    rack-protection (2.1.0)
      rack
    rack-test (1.1.0)
      rack (>= 1.0, < 3)
    rake (13.0.3)
    regexp_parser (2.1.1)
    require_all (3.0.0)
    ripl (0.7.1)
      bond (~> 0.5.1)
    ripl-multi_line (0.3.1)
      ripl (>= 0.3.6)
    ripl-rack (0.2.0)
      rack (>= 1.0)
      rack-test (>= 0.5)
      ripl (>= 0.3.5)
    rspec (3.10.0)
      rspec-core (~> 3.10.0)
      rspec-expectations (~> 3.10.0)
      rspec-mocks (~> 3.10.0)
    rspec-core (3.10.1)
      rspec-support (~> 3.10.0)
    rspec-expectations (3.10.1)
      diff-lcs (>= 1.2.0, < 2.0)
      rspec-support (~> 3.10.0)
    rspec-mocks (3.10.2)
      diff-lcs (>= 1.2.0, < 2.0)
      rspec-support (~> 3.10.0)
    rspec-support (3.10.2)
    ruby (0.1.0)
    ruby2_keywords (0.0.4)
    shotgun (0.9.2)
      rack (>= 1.0)
<<<<<<< HEAD
    simplecov (0.21.2)
      docile (~> 1.1)
      simplecov-html (~> 0.11)
      simplecov_json_formatter (~> 0.1)
    simplecov-html (0.12.3)
    simplecov-shields-badge (0.1.0)
      simplecov (~> 0.15)
    simplecov_json_formatter (0.1.3)
    sinatra (2.0.8.1)
=======
    sinatra (2.1.0)
>>>>>>> 153a17dc73e65d20c5f8330020de9d96d41dc4c6
      mustermann (~> 1.0)
      rack (~> 2.2)
      rack-protection (= 2.1.0)
      tilt (~> 2.0)
    sinatra-activerecord (2.0.23)
      activerecord (>= 4.1)
      sinatra (>= 1.0)
    sinatra-flash (0.3.0)
      sinatra (>= 1.0.0)
<<<<<<< HEAD
<<<<<<< HEAD
    slim (4.1.0)
      temple (>= 0.7.6, < 0.9)
      tilt (>= 2.0.6, < 2.1)
    sqlite3 (1.3.13)
    temple (0.8.2)
    thin (1.7.2)
=======
    sql (0.0.1)
=======
    sqlite3 (1.3.13)
>>>>>>> 9748eb166abfe39a436c93d2affa279dce060036
    thin (1.8.1)
>>>>>>> 153a17dc73e65d20c5f8330020de9d96d41dc4c6
      daemons (~> 1.0, >= 1.0.9)
      eventmachine (~> 1.0, >= 1.0.4)
      rack (>= 1, < 3)
    thread_safe (0.3.6)
    tilt (2.0.10)
    tux (0.3.0)
      ripl (>= 0.3.5)
      ripl-multi_line (>= 0.2.4)
      ripl-rack (>= 0.2.0)
      sinatra (>= 1.2.1)
    tzinfo (1.2.9)
      thread_safe (~> 0.1)
    xpath (3.2.0)
      nokogiri (~> 1.8)
    yard (0.9.26)

PLATFORMS
  x86_64-darwin-19
  x86_64-linux

DEPENDENCIES
  activerecord (~> 4.2, >= 4.2.6)
  bcrypt
  bigdecimal (= 1.3.5)
  capybara
  database_cleaner
<<<<<<< HEAD
  factory_bot
  pg (~> 0.21)
=======
  pg (~> 0.21.0)
>>>>>>> 153a17dc73e65d20c5f8330020de9d96d41dc4c6
  pry
  rack-test
  rake
  require_all
  rspec
  ruby
  shotgun
  simplecov
  simplecov-shields-badge
  sinatra
  sinatra-activerecord
  sinatra-flash (~> 0.3.0)
<<<<<<< HEAD
<<<<<<< HEAD
  slim
  sqlite3 (~> 1.3.6)
=======
  sql (~> 0.0.1)
>>>>>>> 153a17dc73e65d20c5f8330020de9d96d41dc4c6
=======
  sqlite3 (~> 1.3.6)
>>>>>>> 9748eb166abfe39a436c93d2affa279dce060036
  thin
  tux
  yard

BUNDLED WITH
   2.2.19
